GEM
  remote: http://rubygems.org/
  specs:
    activesupport (3.0.7)
    addressable (2.2.5)
    anise (0.5.0)
    chronic (0.3.0)
    daemons (1.1.3)
    dm-ar-finders (1.0.2)
      dm-core (~> 1.0.2)
    dm-core (1.0.2)
      addressable (~> 2.2)
      extlib (~> 0.9.15)
    dm-timestamps (1.0.2)
      dm-core (~> 1.0.2)
    dm-validations (1.0.2)
      dm-core (~> 1.0.2)
    extlib (0.9.15)
    facets (2.9.1)
    i18n (0.5.0)
    nokogiri (1.5.2)

PLATFORMS
  ruby

DEPENDENCIES
  activesupport
  anise
  chronic
  daemons
  dm-ar-finders
  dm-timestamps
  dm-validations
  facets
  i18n
  nokogiri
